GEM
  remote: https://rubygems.org/
  specs:
    ansi (1.5.0)
    ast (2.4.2)
    byebug (11.1.3)
    coderay (1.1.3)
    method_source (1.0.0)
    oga (3.3)
      ast
      ruby-ll (~> 2.1)
    open-uri (0.1.0)
    pry (0.13.1)
      coderay (~> 1.1)
      method_source (~> 1.0)
    pry-byebug (3.9.0)
      byebug (~> 11.0)
      pry (~> 0.13.0)
    ruby-ll (2.1.2)
      ansi
      ast

PLATFORMS
  ruby

DEPENDENCIES
  oga
  open-uri
  pry-byebug

BUNDLED WITH
   2.1.4
